GEM
  remote: https://rubygems.org/
  specs:
    benchmark-ips (2.10.0)
    rbtree (0.4.5)
    set (1.0.2)
    sorted_set (1.0.3)
      rbtree
      set (~> 1.0)

PLATFORMS
  x86_64-darwin-19

DEPENDENCIES
  benchmark-ips
  sorted_set

BUNDLED WITH
   2.3.3
